PATH
  remote: .
  specs:
    rspec_trunk_flaky_tests (0.0.0)
      rb_sys (= 0.9.103)
      rspec-core (> 3.3)

GEM
  remote: https://rubygems.org/
  specs:
    colorize (1.1.0)
    diff-lcs (1.5.1)
    rake (13.2.1)
    rake-compiler (1.2.0)
      rake
    rb_sys (0.9.103)
    rspec (3.13.0)
      rspec-core (~> 3.13.0)
      rspec-expectations (~> 3.13.0)
      rspec-mocks (~> 3.13.0)
    rspec-core (3.13.2)
      rspec-support (~> 3.13.0)
    rspec-expectations (3.13.3)
      diff-lcs (>= 1.2.0, < 2.0)
      rspec-support (~> 3.13.0)
    rspec-mocks (3.13.2)
      diff-lcs (>= 1.2.0, < 2.0)
      rspec-support (~> 3.13.0)
    rspec-support (3.13.2)

PLATFORMS
  arm64-darwin
  arm64-linux
  x86_64-darwin
  x86_64-linux

DEPENDENCIES
  colorize (= 1.1.0)
  rake
  rake-compiler (= 1.2.0)
  rspec
  rspec_trunk_flaky_tests!

BUNDLED WITH
   2.5.23
