GEM
  remote: https://rubygems.org/
  specs:
    diff-lcs (1.5.1)
    libclang (14.0.6-aarch64-linux)
    libclang (14.0.6-arm64-darwin)
    libclang (14.0.6-x86_64-darwin)
    libclang (14.0.6-x86_64-linux)
    power_assert (2.0.4)
    rake (13.2.1)
    rake-compiler (1.2.0)
      rake
    rake-compiler-dock (1.8.0)
    rake-release (1.3.0)
      bundler (>= 1.11, < 3)
    rb_sys (0.9.108)
    rspec (3.13.0)
      rspec-core (~> 3.13.0)
      rspec-expectations (~> 3.13.0)
      rspec-mocks (~> 3.13.0)
    rspec-core (3.13.2)
      rspec-support (~> 3.13.0)
    rspec-expectations (3.13.3)
      diff-lcs (>= 1.2.0, < 2.0)
      rspec-support (~> 3.13.0)
    rspec-mocks (3.13.2)
      diff-lcs (>= 1.2.0, < 2.0)
      rspec-support (~> 3.13.0)
    rspec-support (3.13.2)
    test-unit (3.6.4)
      power_assert

PLATFORMS
  arm64-darwin
  arm64-linux
  x86_64-darwin
  x86_64-linux

DEPENDENCIES
  libclang (~> 14.0.6)
  rake
  rake-compiler (= 1.2.0)
  rake-compiler-dock (~> 1.8)
  rake-release
  rb_sys (~> 0.9.103)
  rspec
  rspec-core
  test-unit

BUNDLED WITH
   2.5.23
